GEM
  remote: https://rubygems.org/
  specs:
    mime-types (1.19)
    open4 (1.3.0)
    rest-client (1.6.7)
      mime-types (>= 1.16)

PLATFORMS
  ruby

DEPENDENCIES
  open4
  rest-client
