GEM
  remote: https://rubygems.org/
  specs:
    open4 (1.3.0)

PLATFORMS
  ruby

DEPENDENCIES
  open4
