GEM
  remote: https://rubygems.org/
  specs:
    foreverb (0.3.2)
      thor (>= 0.15.0)
    thor (0.16.0)

PLATFORMS
  ruby

DEPENDENCIES
  foreverb
