GEM
  remote: https://rubygems.org/
  specs:
    foreverb (0.3.2)
      thor (>= 0.15.0)
    mime-types (1.19)
    open4 (1.3.0)
    rest-client (1.6.7)
      mime-types (>= 1.16)
    statgrab (0.1)
    thor (0.16.0)

PLATFORMS
  ruby

DEPENDENCIES
  foreverb
  open4
  rest-client
  statgrab
